GEM
  remote: https://rubygems.org/
  specs:
    aws-sdk-core (2.0.17)
      builder (~> 3.0)
      jmespath (~> 1.0)
      multi_json (~> 1.0)
      multi_xml (~> 0.5)
    builder (3.2.2)
    diff-lcs (1.2.5)
    filesize (0.0.4)
    jmespath (1.0.2)
      multi_json (~> 1.0)
    multi_json (1.10.1)
    multi_xml (0.5.5)
    rspec (3.0.0)
      rspec-core (~> 3.0.0)
      rspec-expectations (~> 3.0.0)
      rspec-mocks (~> 3.0.0)
    rspec-core (3.0.4)
      rspec-support (~> 3.0.0)
    rspec-expectations (3.0.4)
      diff-lcs (>= 1.2.0, < 2.0)
      rspec-support (~> 3.0.0)
    rspec-mocks (3.0.4)
      rspec-support (~> 3.0.0)
    rspec-support (3.0.4)
    sqlite3 (1.3.10)
    thor (0.19.1)

PLATFORMS
  ruby

DEPENDENCIES
  aws-sdk-core (= 2.0.17)
  filesize
  rspec (= 3.0.0)
  sqlite3
  thor (= 0.19.1)
